GEM
  remote: https://rubygems.org/
  specs:
    asciidoctor (1.5.8)
    asciidoctor-revealjs (1.1.3)
      asciidoctor (~> 1.5.6)
      thread_safe (~> 0.3.5)
    concurrent-ruby (1.1.4)
    json (2.1.0)
    thread_safe (0.3.6)

PLATFORMS
  x64-mingw32
  x86_64-linux

DEPENDENCIES
  asciidoctor-revealjs
  concurrent-ruby
  json

BUNDLED WITH
   1.16.2
